GEM
  remote: http://rubygems.org/
  remote: http://gems.github.com/
  specs:
    actionmailer (2.3.4)
      actionpack (= 2.3.4)
    actionpack (2.3.4)
      activesupport (= 2.3.4)
      rack (~> 1.0.0)
    activerecord (2.3.4)
      activesupport (= 2.3.4)
    activeresource (2.3.4)
      activesupport (= 2.3.4)
    activesupport (2.3.4)
    builder (2.1.2)
    cgi_multipart_eof_fix (2.5.0)
    compass (0.8.17)
      haml (>= 2.2.0)
    cucumber (0.6.2)
      builder (>= 2.1.2)
      diff-lcs (>= 1.1.2)
      json_pure (>= 1.2.0)
      polyglot (>= 0.2.9)
      term-ansicolor (>= 1.0.4)
      treetop (>= 1.4.2)
    cucumber-rails (0.2.4)
      cucumber (>= 0.6.2)
    daemons (1.1.0)
    database_cleaner (0.2.3)
    diff-lcs (1.1.2)
    faker (0.3.1)
    fastthread (1.0.7)
    gem_plugin (0.2.3)
    haml (2.2.17)
    htmldiff (0.0.1)
    json_pure (1.4.6)
    machinist (1.0.6)
    mechanize (1.0.0)
      nokogiri (>= 1.2.1)
    mongrel (1.1.5)
      cgi_multipart_eof_fix (>= 2.4)
      daemons (>= 1.0.3)
      fastthread (>= 1.0.1)
      gem_plugin (>= 0.2.3)
    mysql (2.8.1)
    nokogiri (1.4.1)
    pickle (0.2.1)
    polyglot (0.3.1)
    rack (1.0.1)
    rack-test (0.5.5)
      rack (>= 1.0)
    rails (2.3.4)
      actionmailer (= 2.3.4)
      actionpack (= 2.3.4)
      activerecord (= 2.3.4)
      activeresource (= 2.3.4)
      activesupport (= 2.3.4)
      rake (>= 0.8.3)
    rake (0.8.7)
    rcov (0.9.9)
    rspec (1.2.9)
    rspec-rails (1.2.9)
      rack (>= 1.0.0)
      rspec (>= 1.2.9)
    sqlite3-ruby (1.2.5)
    term-ansicolor (1.0.5)
    thoughtbot-shoulda (2.10.0)
    treetop (1.4.8)
      polyglot (>= 0.3.1)
    webrat (0.7.1)
      nokogiri (>= 1.2.0)
      rack (>= 1.0)
      rack-test (>= 0.5.3)

PLATFORMS
  ruby

DEPENDENCIES
  compass (= 0.8.17)
  cucumber (= 0.6.2)
  cucumber-rails (= 0.2.4)
  database_cleaner (= 0.2.3)
  faker (= 0.3.1)
  haml (= 2.2.17)
  htmldiff
  machinist (= 1.0.6)
  mechanize (= 1.0.0)
  mongrel
  mysql (>= 2.8.1)
  nokogiri (= 1.4.1)
  pickle (= 0.2.1)
  rails (= 2.3.4)
  rcov
  rspec (= 1.2.9)
  rspec-rails (= 1.2.9)
  sqlite3-ruby (= 1.2.5)
  thoughtbot-shoulda (= 2.10.0)
  webrat (>= 0.6.0)
